GEM
  remote: https://rubygems.org/
  specs:
    actioncable (6.1.7)
      actionpack (= 6.1.7)
      activesupport (= 6.1.7)
      nio4r (~> 2.0)
      websocket-driver (>= 0.6.1)
    actionmailbox (6.1.7)
      actionpack (= 6.1.7)
      activejob (= 6.1.7)
      activerecord (= 6.1.7)
      activestorage (= 6.1.7)
      activesupport (= 6.1.7)
      mail (>= 2.7.1)
    actionmailer (6.1.7)
      actionpack (= 6.1.7)
      actionview (= 6.1.7)
      activejob (= 6.1.7)
      activesupport (= 6.1.7)
      mail (~> 2.5, >= 2.5.4)
      rails-dom-testing (~> 2.0)
    actionpack (6.1.7)
      actionview (= 6.1.7)
      activesupport (= 6.1.7)
      rack (~> 2.0, >= 2.0.9)
      rack-test (>= 0.6.3)
      rails-dom-testing (~> 2.0)
      rails-html-sanitizer (~> 1.0, >= 1.2.0)
    actiontext (6.1.7)
      actionpack (= 6.1.7)
      activerecord (= 6.1.7)
      activestorage (= 6.1.7)
      activesupport (= 6.1.7)
      nokogiri (>= 1.8.5)
    actionview (6.1.7)
      activesupport (= 6.1.7)
      builder (~> 3.1)
      erubi (~> 1.4)
      rails-dom-testing (~> 2.0)
      rails-html-sanitizer (~> 1.1, >= 1.2.0)
    activejob (6.1.7)
      activesupport (= 6.1.7)
      globalid (>= 0.3.6)
    activemodel (6.1.7)
      activesupport (= 6.1.7)
    activerecord (6.1.7)
      activemodel (= 6.1.7)
      activesupport (= 6.1.7)
    activerecord-session_store (2.0.0)
      actionpack (>= 5.2.4.1)
      activerecord (>= 5.2.4.1)
      multi_json (~> 1.11, >= 1.11.2)
      rack (>= 2.0.8, < 3)
      railties (>= 5.2.4.1)
    activestorage (6.1.7)
      actionpack (= 6.1.7)
      activejob (= 6.1.7)
      activerecord (= 6.1.7)
      activesupport (= 6.1.7)
      marcel (~> 1.0)
      mini_mime (>= 1.1.0)
    activesupport (6.1.7)
      concurrent-ruby (~> 1.0, >= 1.0.2)
      i18n (>= 1.6, < 2)
      minitest (>= 5.1)
      tzinfo (~> 2.0)
      zeitwerk (~> 2.3)
    addressable (2.8.1)
      public_suffix (>= 2.0.2, < 6.0)
    annotate (3.2.0)
      activerecord (>= 3.2, < 8.0)
      rake (>= 10.4, < 14.0)
    ast (2.4.2)
    autoprefixer-rails (10.4.7.0)
      execjs (~> 2)
    bcrypt (3.1.18)
    bibtex-ruby (6.0.0)
      latex-decode (~> 0.0)
    bindex (0.8.1)
    bootsnap (1.15.0)
      msgpack (~> 1.2)
    bootstrap (5.2.3)
      autoprefixer-rails (>= 9.1.0)
      popper_js (>= 2.11.6, < 3)
      sassc-rails (>= 2.0.0)
    bootstrap_form (5.1.0)
      actionpack (>= 5.2)
      activemodel (>= 5.2)
    breadcrumbs (0.3.0)
      actionview
      activesupport
      i18n
    brotli (0.4.0)
    builder (3.2.4)
    bullet (7.0.7)
      activesupport (>= 3.0.0)
      uniform_notifier (~> 1.11)
    byebug (11.1.3)
    cancancan (3.4.0)
    capybara (3.38.0)
      addressable
      matrix
      mini_mime (>= 0.1.3)
      nokogiri (~> 1.8)
      rack (>= 1.6.0)
      rack-test (>= 0.6.3)
      regexp_parser (>= 1.5, < 3.0)
      xpath (~> 3.2)
    capybara-selenium (0.0.6)
      capybara
      selenium-webdriver
    carrierwave (2.2.3)
      activemodel (>= 5.0.0)
      activesupport (>= 5.0.0)
      addressable (~> 2.6)
      image_processing (~> 1.1)
      marcel (~> 1.0.0)
      mini_mime (>= 0.1.3)
      ssrf_filter (~> 1.0)
    chronic (0.10.2)
    citeproc (1.0.10)
      namae (~> 1.0)
    citeproc-ruby (2.0.0)
      citeproc (~> 1.0, >= 1.0.9)
      csl (~> 2.0)
    coderay (1.1.3)
    coffee-rails (4.2.2)
      coffee-script (>= 2.2.0)
      railties (>= 4.0.0)
    coffee-script (2.4.1)
      coffee-script-source
      execjs
    coffee-script-source (1.12.2)
    concurrent-ruby (1.1.10)
    countries (5.3.0)
      unaccent (~> 0.3)
    country_select (8.0.1)
      countries (~> 5.0)
    crass (1.0.6)
    csl (2.0.0)
      namae (~> 1.0)
      rexml
    csl-styles (2.0.1)
      csl (~> 2.0)
    date (3.3.3)
    devise (4.8.1)
      bcrypt (~> 3.0)
      orm_adapter (~> 0.1)
      railties (>= 4.1.0)
      responders
      warden (~> 1.2.3)
    diff-lcs (1.5.0)
    docile (1.4.0)
    doorkeeper (5.6.2)
      railties (>= 5)
    dotenv (2.8.1)
    dotenv-rails (2.8.1)
      dotenv (= 2.8.1)
      railties (>= 3.2)
    erubi (1.12.0)
    execjs (2.8.1)
    factory_bot (6.2.1)
      activesupport (>= 5.0.0)
    factory_bot_rails (6.2.0)
      factory_bot (~> 6.2.0)
      railties (>= 5.0.0)
    faker (3.1.0)
      i18n (>= 1.8.11, < 2)
    faraday (2.7.4)
      faraday-net_http (>= 2.0, < 3.1)
      ruby2_keywords (>= 0.0.4)
    faraday-net_http (3.0.2)
    feedjira (3.2.2)
      loofah (>= 2.3.1)
      sax-machine (>= 1.0)
    ffi (1.15.5)
    font-awesome-rails (4.7.0.8)
      railties (>= 3.2, < 8.0)
    formatador (1.1.0)
    gbifrb (0.2.0)
    geocoder (1.8.1)
    globalid (1.0.0)
      activesupport (>= 5.0)
    guard (2.18.0)
      formatador (>= 0.2.4)
      listen (>= 2.7, < 4.0)
      lumberjack (>= 1.0.12, < 2.0)
      nenv (~> 0.1)
      notiffany (~> 0.0)
      pry (>= 0.13.0)
      shellany (~> 0.0)
      thor (>= 0.18.1)
    guard-compat (1.2.1)
    guard-rspec (4.7.3)
      guard (~> 2.1)
      guard-compat (~> 1.1)
      rspec (>= 2.99.0, < 4.0)
    httparty (0.21.0)
      mini_mime (>= 1.0.0)
      multi_xml (>= 0.5.2)
    i18n (1.12.0)
      concurrent-ruby (~> 1.0)
    image_processing (1.12.2)
      mini_magick (>= 4.9.5, < 5)
      ruby-vips (>= 2.0.17, < 3)
    jbuilder (2.11.5)
      actionview (>= 5.0.0)
      activesupport (>= 5.0.0)
    json (2.6.3)
    json-schema (3.0.0)
      addressable (>= 2.8)
    kramdown (2.4.0)
      rexml
    latex-decode (0.4.0)
    launchy (2.5.2)
      addressable (~> 2.8)
    leaflet-rails (1.9.2)
      rails (>= 4.2.0)
    listen (3.8.0)
      rb-fsevent (~> 0.10, >= 0.10.3)
      rb-inotify (~> 0.9, >= 0.9.10)
    loofah (2.19.1)
      crass (~> 1.0.2)
      nokogiri (>= 1.5.9)
    lumberjack (1.2.8)
    mail (2.8.0.1)
      mini_mime (>= 0.1.1)
      net-imap
      net-pop
      net-smtp
    marcel (1.0.2)
    matrix (0.4.2)
    method_source (1.0.0)
    mini_magick (4.12.0)
    mini_mime (1.1.2)
    minitest (5.17.0)
    msgpack (1.6.0)
    multi_json (1.15.0)
    multi_xml (0.6.0)
    namae (1.1.1)
    nenv (0.3.0)
    net-imap (0.3.4)
      date
      net-protocol
    net-pop (0.1.2)
      net-protocol
    net-protocol (0.2.1)
      timeout
    net-smtp (0.3.3)
      net-protocol
    nio4r (2.5.8)
    nokogiri (1.14.0-x86_64-darwin)
      racc (~> 1.4)
    nokogiri (1.14.0-x86_64-linux)
      racc (~> 1.4)
    notiffany (0.1.3)
      nenv (~> 0.1)
      shellany (~> 0.0)
    oj (3.13.23)
    orm_adapter (0.5.0)
    pagy (6.0.0)
    paper_trail (14.0.0)
      activerecord (>= 6.0)
      request_store (~> 1.4)
    parallel (1.22.1)
    parser (3.2.0.0)
      ast (~> 2.4.1)
    pg (1.4.5)
    pg_search (2.3.6)
      activerecord (>= 5.2)
      activesupport (>= 5.2)
    popper_js (2.11.6)
    postgres-copy (1.7.1)
      activerecord (>= 5.1)
      pg (>= 0.17)
    pry (0.14.2)
      coderay (~> 1.1)
      method_source (~> 1.0)
    public_suffix (5.0.1)
    puma (5.6.5)
      nio4r (~> 2.0)
    racc (1.6.2)
    rack (2.2.5)
    rack-brotli (1.2.0)
      brotli (>= 0.1.7)
      rack (>= 1.4)
    rack-proxy (0.7.4)
      rack
    rack-test (2.0.2)
      rack (>= 1.3)
    rails (6.1.7)
      actioncable (= 6.1.7)
      actionmailbox (= 6.1.7)
      actionmailer (= 6.1.7)
      actionpack (= 6.1.7)
      actiontext (= 6.1.7)
      actionview (= 6.1.7)
      activejob (= 6.1.7)
      activemodel (= 6.1.7)
      activerecord (= 6.1.7)
      activestorage (= 6.1.7)
      activesupport (= 6.1.7)
      bundler (>= 1.15.0)
      railties (= 6.1.7)
      sprockets-rails (>= 2.0.0)
    rails-dom-testing (2.0.3)
      activesupport (>= 4.2.0)
      nokogiri (>= 1.6)
    rails-html-sanitizer (1.4.4)
      loofah (~> 2.19, >= 2.19.1)
    railties (6.1.7)
      actionpack (= 6.1.7)
      activesupport (= 6.1.7)
      method_source
      rake (>= 12.2)
      thor (~> 1.0)
    rainbow (3.1.1)
    rake (13.0.6)
    rb-fsevent (0.11.2)
    rb-inotify (0.10.1)
      ffi (~> 1.0)
    recaptcha (5.12.3)
      json
    redis (4.8.0)
    regexp_parser (2.6.1)
    request_store (1.5.1)
      rack (>= 1.4)
    responders (3.0.1)
      actionpack (>= 5.0)
      railties (>= 5.0)
    rexml (3.2.5)
    rspec (3.12.0)
      rspec-core (~> 3.12.0)
      rspec-expectations (~> 3.12.0)
      rspec-mocks (~> 3.12.0)
    rspec-core (3.12.0)
      rspec-support (~> 3.12.0)
    rspec-expectations (3.12.2)
      diff-lcs (>= 1.2.0, < 2.0)
      rspec-support (~> 3.12.0)
    rspec-mocks (3.12.2)
      diff-lcs (>= 1.2.0, < 2.0)
      rspec-support (~> 3.12.0)
    rspec-rails (4.0.2)
      actionpack (>= 4.2)
      activesupport (>= 4.2)
      railties (>= 4.2)
      rspec-core (~> 3.10)
      rspec-expectations (~> 3.10)
      rspec-mocks (~> 3.10)
      rspec-support (~> 3.10)
    rspec-support (3.12.0)
    rubocop (1.43.0)
      json (~> 2.3)
      parallel (~> 1.10)
      parser (>= 3.2.0.0)
      rainbow (>= 2.2.2, < 4.0)
      regexp_parser (>= 1.8, < 3.0)
      rexml (>= 3.2.5, < 4.0)
      rubocop-ast (>= 1.24.1, < 2.0)
      ruby-progressbar (~> 1.7)
      unicode-display_width (>= 2.4.0, < 3.0)
    rubocop-ast (1.24.1)
      parser (>= 3.1.1.0)
    rubocop-rails (2.17.4)
      activesupport (>= 4.2.0)
      rack (>= 1.1)
      rubocop (>= 1.33.0, < 2.0)
    ruby-progressbar (1.11.0)
    ruby-vips (2.1.4)
      ffi (~> 1.12)
    ruby2_keywords (0.0.5)
    rubyzip (2.3.2)
    sass (3.7.4)
      sass-listen (~> 4.0.0)
    sass-listen (4.0.0)
      rb-fsevent (~> 0.9, >= 0.9.4)
      rb-inotify (~> 0.9, >= 0.9.7)
    sass-rails (5.1.0)
      railties (>= 5.2.0)
      sass (~> 3.1)
      sprockets (>= 2.8, < 4.0)
      sprockets-rails (>= 2.0, < 4.0)
      tilt (>= 1.1, < 3)
    sassc (2.4.0)
      ffi (~> 1.9)
    sassc-rails (2.1.2)
      railties (>= 4.0.0)
      sassc (>= 2.0)
      sprockets (> 3.0)
      sprockets-rails
      tilt
    sax-machine (1.3.2)
    selenium-webdriver (4.7.1)
      rexml (~> 3.2, >= 3.2.5)
      rubyzip (>= 1.2.2, < 3.0)
      websocket (~> 1.0)
    semantic_range (3.0.0)
    shellany (0.0.1)
    simplecov (0.22.0)
      docile (~> 1.1)
      simplecov-html (~> 0.11)
      simplecov_json_formatter (~> 0.1)
    simplecov-cobertura (2.1.0)
      rexml
      simplecov (~> 0.19)
    simplecov-html (0.12.3)
    simplecov_json_formatter (0.1.4)
    sitemap_generator (6.3.0)
      builder (~> 3.0)
    spring (4.1.1)
    spring-watcher-listen (2.1.0)
      listen (>= 2.7, < 4.0)
      spring (>= 4)
    sprockets (3.7.2)
      concurrent-ruby (~> 1.0)
      rack (> 1, < 3)
    sprockets-rails (3.4.2)
      actionpack (>= 5.2)
      activesupport (>= 5.2)
      sprockets (>= 3.0.0)
    ssrf_filter (1.1.1)
    stimulus-rails (1.2.1)
      railties (>= 6.0.0)
    thor (1.2.1)
    tilt (2.0.11)
    timeout (0.3.1)
    turbo-rails (1.3.2)
      actionpack (>= 6.0.0)
      activejob (>= 6.0.0)
      railties (>= 6.0.0)
    tzinfo (2.0.5)
      concurrent-ruby (~> 1.0)
    uglifier (4.2.0)
      execjs (>= 0.3.0, < 3)
    unaccent (0.4.0)
    unicode-display_width (2.4.2)
    uniform_notifier (1.16.0)
    vega (0.3.0)
    warden (1.2.9)
      rack (>= 2.0.9)
    web-console (4.2.0)
      actionview (>= 6.0.0)
      activemodel (>= 6.0.0)
      bindex (>= 0.4.0)
      railties (>= 6.0.0)
    webdrivers (5.2.0)
      nokogiri (~> 1.6)
      rubyzip (>= 1.3.0)
      selenium-webdriver (~> 4.0)
    webpacker (5.4.3)
      activesupport (>= 5.2)
      rack-proxy (>= 0.6.1)
      railties (>= 5.2)
      semantic_range (>= 2.3.0)
    websocket (1.2.9)
    websocket-driver (0.7.5)
      websocket-extensions (>= 0.1.0)
    websocket-extensions (0.1.5)
    whenever (1.0.0)
      chronic (>= 0.6.3)
    xpath (3.2.0)
      nokogiri (~> 1.8)
    zeitwerk (2.6.6)

PLATFORMS
  x86_64-darwin-21
  x86_64-linux

DEPENDENCIES
  activerecord-session_store
  annotate
  bibtex-ruby
  bootsnap (>= 1.1.0)
  bootstrap (~> 5.1)
  bootstrap_form (~> 5.0)
  breadcrumbs
  bullet
  byebug
  cancancan
  capybara
  capybara-selenium
  carrierwave (~> 2.0)
  citeproc-ruby
  coffee-rails (~> 4.2)
  countries
  country_select
  csl-styles
  devise (>= 4.7.1)
  doorkeeper
  dotenv-rails
  factory_bot_rails
  faker
  faraday (~> 2.5, >= 2.5.2)
  feedjira
  font-awesome-rails
  gbifrb
  geocoder
  guard-rspec
  httparty
  jbuilder (~> 2.5)
  json-schema
  kramdown
  launchy
  leaflet-rails
  listen
  minitest
  oj
  pagy
  paper_trail
  pg
  pg_search
  postgres-copy
  puma
  rack-brotli
  rails (~> 6.1.7)
  recaptcha
  redis (~> 4.0)
  rspec-rails (~> 4.0.1)
  rubocop
  rubocop-rails
  sass-rails (~> 5.0)
  selenium-webdriver
  simplecov
  simplecov-cobertura
  sitemap_generator
  spring
  spring-watcher-listen
  stimulus-rails
  turbo-rails
  tzinfo-data
  uglifier (>= 1.3.0)
  vega
  web-console (>= 3.3.0)
  webdrivers
  webpacker
  whenever

RUBY VERSION
   ruby 3.0.4p208

BUNDLED WITH
   2.2.33
